GEM
  remote: https://rubygems.org/
  specs:
    rack (2.0.4)
    rack-console (1.3.1)
      rack (>= 1.1)
      rack-test
    rack-test (1.0.0)
      rack (>= 1.0, < 3)

PLATFORMS
  ruby

DEPENDENCIES
  rack-console

BUNDLED WITH
   1.16.1
